GIT
  remote: https://github.com/jmettraux/ruote.git
  revision: 7a26fdeaa3620d1b3e42452124910f95f9b153dc
  specs:
    ruote (2.3.1)
      blankslate (= 2.1.2.4)
      parslet (= 1.4.0)
      ruby_parser (~> 2.3)
      rufus-cloche (>= 1.0.2)
      rufus-dollar (>= 1.0.4)
      rufus-json (>= 1.0.5)
      rufus-mnemo (>= 1.2.2)
      rufus-scheduler (>= 2.0.16)
      rufus-treechecker (>= 1.0.8)
      sourcify (= 0.5.0)

GIT
  remote: https://github.com/kennethkalmer/ruote-kit.git
  revision: ed3277022235b3a7f0b74921b6bab2291cc121fd
  specs:
    ruote-kit (2.3.0.2)
      haml (>= 3.1.4)
      rufus-json (>= 0.2.5)
      sinatra (>= 1.2.0)
      sinatra-respond_to (>= 0.8.0)

GEM
  remote: https://rubygems.org/
  specs:
    actionmailer (4.0.0)
      actionpack (= 4.0.0)
      mail (~> 2.5.3)
    actionpack (4.0.0)
      activesupport (= 4.0.0)
      builder (~> 3.1.0)
      erubis (~> 2.7.0)
      rack (~> 1.5.2)
      rack-test (~> 0.6.2)
    activemodel (4.0.0)
      activesupport (= 4.0.0)
      builder (~> 3.1.0)
    activerecord (4.0.0)
      activemodel (= 4.0.0)
      activerecord-deprecated_finders (~> 1.0.2)
      activesupport (= 4.0.0)
      arel (~> 4.0.0)
    activerecord-deprecated_finders (1.0.3)
    activesupport (4.0.0)
      i18n (~> 0.6, >= 0.6.4)
      minitest (~> 4.2)
      multi_json (~> 1.3)
      thread_safe (~> 0.1)
      tzinfo (~> 0.3.37)
    arel (4.0.0)
    atomic (1.1.14)
    bcrypt-ruby (3.1.2)
    blankslate (2.1.2.4)
    builder (3.1.4)
    coffee-rails (4.0.0)
      coffee-script (>= 2.2.0)
      railties (>= 4.0.0.beta, < 5.0)
    coffee-script (2.2.0)
      coffee-script-source
      execjs
    coffee-script-source (1.6.3)
    devise (3.1.1)
      bcrypt-ruby (~> 3.0)
      orm_adapter (~> 0.1)
      railties (>= 3.2.6, < 5)
      thread_safe (~> 0.1)
      warden (~> 1.2.3)
    erubis (2.7.0)
    execjs (2.0.2)
    file-tail (1.0.12)
      tins (~> 0.5)
    haml (4.0.3)
      tilt
    hike (1.2.3)
    i18n (0.6.5)
    jbuilder (1.5.2)
      activesupport (>= 3.0.0)
      multi_json (>= 1.2.0)
    jquery-rails (3.0.4)
      railties (>= 3.0, < 5.0)
      thor (>= 0.14, < 2.0)
    json (1.8.0)
    mail (2.5.4)
      mime-types (~> 1.16)
      treetop (~> 1.4.8)
    mime-types (1.25)
    minitest (4.7.5)
    multi_json (1.8.1)
    orm_adapter (0.4.0)
    parslet (1.4.0)
      blankslate (~> 2.0)
    polyglot (0.3.3)
    rack (1.5.2)
    rack-protection (1.5.0)
      rack
    rack-test (0.6.2)
      rack (>= 1.0)
    rails (4.0.0)
      actionmailer (= 4.0.0)
      actionpack (= 4.0.0)
      activerecord (= 4.0.0)
      activesupport (= 4.0.0)
      bundler (>= 1.3.0, < 2.0)
      railties (= 4.0.0)
      sprockets-rails (~> 2.0.0)
    railties (4.0.0)
      actionpack (= 4.0.0)
      activesupport (= 4.0.0)
      rake (>= 0.8.7)
      thor (>= 0.18.1, < 2.0)
    rake (10.1.0)
    rdoc (3.12.2)
      json (~> 1.4)
    ruby2ruby (1.3.1)
      ruby_parser (~> 2.0)
      sexp_processor (~> 3.0)
    ruby_parser (2.3.1)
      sexp_processor (~> 3.0)
    rufus-cloche (1.0.4)
      rufus-json (>= 1.0.3)
    rufus-dollar (1.0.4)
    rufus-json (1.0.6)
    rufus-mnemo (1.2.3)
    rufus-scheduler (3.0.0)
      tzinfo
    rufus-treechecker (1.0.8)
      ruby_parser (>= 2.0.5)
    sass (3.2.12)
    sass-rails (4.0.0)
      railties (>= 4.0.0.beta, < 5.0)
      sass (>= 3.1.10)
      sprockets-rails (~> 2.0.0)
    sdoc (0.3.20)
      json (>= 1.1.3)
      rdoc (~> 3.10)
    sexp_processor (3.2.0)
    simple_form (3.0.0)
      actionpack (>= 4.0.0, < 4.1)
      activemodel (>= 4.0.0, < 4.1)
    sinatra (1.4.3)
      rack (~> 1.4)
      rack-protection (~> 1.4)
      tilt (~> 1.3, >= 1.3.4)
    sinatra-respond_to (0.9.0)
      sinatra (~> 1.3)
    sourcify (0.5.0)
      file-tail (>= 1.0.5)
      ruby2ruby (>= 1.2.5)
      ruby_parser (>= 2.0.5)
      sexp_processor (>= 3.0.5)
    sprockets (2.10.0)
      hike (~> 1.2)
      multi_json (~> 1.0)
      rack (~> 1.0)
      tilt (~> 1.1, != 1.3.0)
    sprockets-rails (2.0.0)
      actionpack (>= 3.0)
      activesupport (>= 3.0)
      sprockets (~> 2.8)
    sqlite3 (1.3.8)
    thor (0.18.1)
    thread_safe (0.1.3)
      atomic
    tilt (1.4.1)
    tins (0.12.0)
    treetop (1.4.15)
      polyglot
      polyglot (>= 0.3.1)
    turbolinks (1.3.0)
      coffee-rails
    tzinfo (0.3.38)
    uglifier (2.2.1)
      execjs (>= 0.3.0)
      multi_json (~> 1.0, >= 1.0.2)
    warden (1.2.3)
      rack (>= 1.0)

PLATFORMS
  ruby

DEPENDENCIES
  coffee-rails (~> 4.0.0)
  devise
  jbuilder (~> 1.2)
  jquery-rails
  rails (= 4.0.0)
  ruote!
  ruote-kit!
  sass-rails (~> 4.0.0)
  sdoc
  simple_form
  sqlite3
  turbolinks
  uglifier (>= 1.3.0)
